GEM
  remote: https://rubygems.org/
  specs:
    colorize (1.1.0)

PLATFORMS
  ruby
  x86_64-linux-gnu

DEPENDENCIES
  colorize

BUNDLED WITH
   2.5.20
