GEM
  specs:

PLATFORMS
  ruby
  x86_64-linux-gnu

DEPENDENCIES

BUNDLED WITH
   2.5.20
